GIT
  remote: git://github.com/galetahub/ckeditor.git
  revision: 6d8032b87595c3ffa8e9dfd7d86721ecdc53a3e3
  specs:
    ckeditor (4.1.0)
      mime-types
      orm_adapter (~> 0.5.0)

GIT
  remote: git://github.com/mbleigh/seed-fu.git
  revision: 192bf4835294f3a717bea65bc1ee179e2e3a8240
  specs:
    seed-fu (2.3.3)
      activerecord (>= 3.1, < 4.2)
      activesupport (>= 3.1, < 4.2)

GIT
  remote: git://github.com/seyhunak/twitter-bootstrap-rails.git
  revision: 1d93c5a77049b3d21d17c847ad0531d7714fa229
  branch: bootstrap3
  specs:
    twitter-bootstrap-rails (3.1.1)
      actionpack (>= 3.1)
      execjs
      rails (>= 3.1)
      railties (>= 3.1)

GEM
  remote: https://rubygems.org/
  specs:
    actionmailer (4.1.1)
      actionpack (= 4.1.1)
      actionview (= 4.1.1)
      mail (~> 2.5.4)
    actionpack (4.1.1)
      actionview (= 4.1.1)
      activesupport (= 4.1.1)
      rack (~> 1.5.2)
      rack-test (~> 0.6.2)
    actionview (4.1.1)
      activesupport (= 4.1.1)
      builder (~> 3.1)
      erubis (~> 2.7.0)
    activemodel (4.1.1)
      activesupport (= 4.1.1)
      builder (~> 3.1)
    activerecord (4.1.1)
      activemodel (= 4.1.1)
      activesupport (= 4.1.1)
      arel (~> 5.0.0)
    activesupport (4.1.1)
      i18n (~> 0.6, >= 0.6.9)
      json (~> 1.7, >= 1.7.7)
      minitest (~> 5.1)
      thread_safe (~> 0.1)
      tzinfo (~> 1.1)
    arel (5.0.1.20140414130214)
    awesome_print (1.2.0)
    bcrypt (3.1.7)
    better_errors (1.1.0)
      coderay (>= 1.0.0)
      erubis (>= 2.6.6)
    binding_of_caller (0.7.2)
      debug_inspector (>= 0.0.1)
    bootstrap3-datetimepicker-rails (3.0.3)
      momentjs-rails (>= 2.8.1)
    builder (3.2.2)
    carrierwave (0.10.0)
      activemodel (>= 3.2.0)
      activesupport (>= 3.2.0)
      json (>= 1.7)
      mime-types (>= 1.16)
    celluloid (0.15.2)
      timers (~> 1.1.0)
    coderay (1.1.0)
    coffee-rails (4.0.1)
      coffee-script (>= 2.2.0)
      railties (>= 4.0.0, < 5.0)
    coffee-script (2.3.0)
      coffee-script-source
      execjs
    coffee-script-source (1.7.1)
    columnize (0.8.9)
    commonjs (0.2.7)
    debug_inspector (0.0.2)
    debugger (1.6.8)
      columnize (>= 0.3.1)
      debugger-linecache (~> 1.2.0)
      debugger-ruby_core_source (~> 1.3.5)
    debugger-linecache (1.2.0)
    debugger-ruby_core_source (1.3.5)
    devise (3.2.4)
      bcrypt (~> 3.0)
      orm_adapter (~> 0.1)
      railties (>= 3.2.6, < 5)
      thread_safe (~> 0.1)
      warden (~> 1.2.3)
    devise_invitable (1.3.6)
      actionmailer (>= 3.2.6, < 5)
      devise (>= 3.2.0)
    diff-lcs (1.2.5)
    erubis (2.7.0)
    excon (0.39.4)
    execjs (2.2.1)
    factory_girl (4.4.0)
      activesupport (>= 3.0.0)
    factory_girl_rails (4.4.1)
      factory_girl (~> 4.4.0)
      railties (>= 3.0.0)
    ffi (1.9.3)
    fog (1.21.0)
      fog-brightbox
      fog-core (~> 1.21, >= 1.21.1)
      fog-json
      nokogiri (~> 1.5, >= 1.5.11)
    fog-brightbox (0.2.0)
      fog-core (~> 1.22)
      fog-json
      inflecto
    fog-core (1.23.0)
      builder
      excon (~> 0.38)
      formatador (~> 0.2)
      mime-types
      net-scp (~> 1.1)
      net-ssh (>= 2.1.3)
    fog-json (1.0.0)
      multi_json (~> 1.0)
    font-awesome-rails (4.1.0.0)
      railties (>= 3.2, < 5.0)
    formatador (0.2.5)
    guard (2.6.1)
      formatador (>= 0.2.4)
      listen (~> 2.7)
      lumberjack (~> 1.0)
      pry (>= 0.9.12)
      thor (>= 0.18.1)
    guard-rspec (4.3.1)
      guard (~> 2.1)
      rspec (>= 2.14, < 4.0)
    haml (4.0.5)
      tilt
    haml-rails (0.5.3)
      actionpack (>= 4.0.1)
      activesupport (>= 4.0.1)
      haml (>= 3.1, < 5.0)
      railties (>= 4.0.1)
    hike (1.2.3)
    i18n (0.6.11)
    inflecto (0.0.2)
    jbuilder (2.1.3)
      activesupport (>= 3.0.0, < 5)
      multi_json (~> 1.2)
    jquery-rails (3.1.1)
      railties (>= 3.0, < 5.0)
      thor (>= 0.14, < 2.0)
    json (1.8.1)
    less (2.5.1)
      commonjs (~> 0.2.7)
    less-rails (2.5.0)
      actionpack (>= 3.1)
      less (~> 2.5.0)
    libv8 (3.16.14.3)
    listen (2.7.9)
      celluloid (>= 0.15.2)
      rb-fsevent (>= 0.9.3)
      rb-inotify (>= 0.9)
    lumberjack (1.0.9)
    mail (2.5.4)
      mime-types (~> 1.16)
      treetop (~> 1.4.8)
    method_source (0.8.2)
    mime-types (1.25.1)
    mini_magick (4.10.1)
    mini_portile (0.6.0)
    minitest (5.4.0)
    momentjs-rails (2.8.1)
      railties (>= 3.1)
    multi_json (1.10.1)
    mysql2 (0.3.16)
    nested_form (0.3.2)
    net-scp (1.2.1)
      net-ssh (>= 2.6.5)
    net-ssh (2.9.1)
    nokogiri (1.6.3.1)
      mini_portile (= 0.6.0)
    non-stupid-digest-assets (1.0.4)
    orm_adapter (0.5.0)
    pg (0.17.1)
    polyglot (0.3.5)
    pry (0.10.0)
      coderay (~> 1.1.0)
      method_source (~> 0.8.1)
      slop (~> 3.4)
    rack (1.5.2)
    rack-test (0.6.2)
      rack (>= 1.0)
    rails (4.1.1)
      actionmailer (= 4.1.1)
      actionpack (= 4.1.1)
      actionview (= 4.1.1)
      activemodel (= 4.1.1)
      activerecord (= 4.1.1)
      activesupport (= 4.1.1)
      bundler (>= 1.3.0, < 2.0)
      railties (= 4.1.1)
      sprockets-rails (~> 2.0)
    rails_12factor (0.0.2)
      rails_serve_static_assets
      rails_stdout_logging
    rails_serve_static_assets (0.0.2)
    rails_stdout_logging (0.0.3)
    railties (4.1.1)
      actionpack (= 4.1.1)
      activesupport (= 4.1.1)
      rake (>= 0.8.7)
      thor (>= 0.18.1, < 2.0)
    rake (10.3.2)
    rb-fsevent (0.9.4)
    rb-inotify (0.9.5)
      ffi (>= 0.5.0)
    rdoc (4.1.1)
      json (~> 1.4)
    ref (1.0.5)
    rspec (3.0.0)
      rspec-core (~> 3.0.0)
      rspec-expectations (~> 3.0.0)
      rspec-mocks (~> 3.0.0)
    rspec-core (3.0.3)
      rspec-support (~> 3.0.0)
    rspec-expectations (3.0.3)
      diff-lcs (>= 1.2.0, < 2.0)
      rspec-support (~> 3.0.0)
    rspec-mocks (3.0.3)
      rspec-support (~> 3.0.0)
    rspec-rails (3.0.2)
      actionpack (>= 3.0)
      activesupport (>= 3.0)
      railties (>= 3.0)
      rspec-core (~> 3.0.0)
      rspec-expectations (~> 3.0.0)
      rspec-mocks (~> 3.0.0)
      rspec-support (~> 3.0.0)
    rspec-support (3.0.3)
    sass (3.2.19)
    sass-rails (4.0.3)
      railties (>= 4.0.0, < 5.0)
      sass (~> 3.2.0)
      sprockets (~> 2.8, <= 2.11.0)
      sprockets-rails (~> 2.0)
    sdoc (0.4.0)
      json (~> 1.8)
      rdoc (~> 4.0, < 5.0)
    simple_form (3.0.2)
      actionpack (~> 4.0)
      activemodel (~> 4.0)
    slop (3.6.0)
    spring (1.1.3)
    sprockets (2.11.0)
      hike (~> 1.2)
      multi_json (~> 1.0)
      rack (~> 1.0)
      tilt (~> 1.1, != 1.3.0)
    sprockets-rails (2.1.3)
      actionpack (>= 3.0)
      activesupport (>= 3.0)
      sprockets (~> 2.8)
    terminal-notifier-guard (1.5.3)
    therubyracer (0.12.1)
      libv8 (~> 3.16.14.0)
      ref
    thor (0.19.1)
    thread_safe (0.3.4)
    tilt (1.4.1)
    timers (1.1.0)
    treetop (1.4.15)
      polyglot
      polyglot (>= 0.3.1)
    truncate_html (0.9.2)
    turbolinks (2.2.2)
      coffee-rails
    tzinfo (1.2.1)
      thread_safe (~> 0.1)
    uglifier (2.5.3)
      execjs (>= 0.3.0)
      json (>= 1.8.0)
    unf (0.1.4)
      unf_ext
    unf_ext (0.0.6)
    warden (1.2.3)
      rack (>= 1.0)

PLATFORMS
  ruby

DEPENDENCIES
  awesome_print
  better_errors
  binding_of_caller
  bootstrap3-datetimepicker-rails (~> 3.0.2)
  carrierwave (~> 0.10.0)
  ckeditor!
  coffee-rails (~> 4.0.0)
  debugger
  devise
  devise_invitable
  factory_girl_rails
  fog (~> 1.21.0)
  font-awesome-rails
  guard-rspec
  haml-rails
  jbuilder (~> 2.0)
  jquery-rails
  less-rails
  mini_magick
  momentjs-rails (>= 2.8.1)
  mysql2
  nested_form
  non-stupid-digest-assets
  pg
  rails (= 4.1.1)
  rails_12factor
  rspec-rails
  sass-rails (~> 4.0.3)
  sdoc (~> 0.4.0)
  seed-fu!
  simple_form
  spring
  terminal-notifier-guard
  therubyracer
  truncate_html
  turbolinks
  twitter-bootstrap-rails!
  uglifier (>= 1.3.0)
  unf
